GEM
  remote: http://rubygems.org/
  specs:
    mysql2 (0.5.2)
    rack (1.6.13)
    rack-protection (1.5.3)
      rack
    sinatra (1.4.7)
      rack (~> 1.5)
      rack-protection (~> 1.4)
      tilt (>= 1.3, < 3)
    tilt (2.0.2)

PLATFORMS
  ruby

DEPENDENCIES
  mysql2
  sinatra

BUNDLED WITH
   1.11.2
